PATH
  remote: ../../infra
  specs:
    infra (1.0.0)
      aggregate_root (~> 2.8.0)
      arkency-command_bus
      dry-struct
      dry-types
      rake
      ruby_event_store (~> 2.8.0)
      ruby_event_store-transformations
      sidekiq

GEM
  remote: https://oss:7AXfeZdAfCqL1PvHm2nvDJO6Zd9UW8IK@gem.mutant.dev/
  specs:
    mutant-license (0.1.1.2.1627430819213747598431630701693729869473.4)

GEM
  remote: https://rubygems.org/
  specs:
    activesupport (7.0.4.1)
      concurrent-ruby (~> 1.0, >= 1.0.2)
      i18n (>= 1.6, < 2)
      minitest (>= 5.1)
      tzinfo (~> 2.0)
    aggregate_root (2.8.1)
      ruby_event_store (= 2.8.1)
    arkency-command_bus (0.4.1)
      concurrent-ruby
    ast (2.4.2)
    concurrent-ruby (1.1.10)
    connection_pool (2.3.0)
    diff-lcs (1.4.4)
    dry-configurable (0.15.0)
      concurrent-ruby (~> 1.0)
      dry-core (~> 0.6)
    dry-container (0.9.0)
      concurrent-ruby (~> 1.0)
      dry-configurable (~> 0.13, >= 0.13.0)
    dry-core (0.7.1)
      concurrent-ruby (~> 1.0)
    dry-inflector (0.2.1)
    dry-logic (1.2.0)
      concurrent-ruby (~> 1.0)
      dry-core (~> 0.5, >= 0.5)
    dry-struct (1.4.0)
      dry-core (~> 0.5, >= 0.5)
      dry-types (~> 1.5)
      ice_nine (~> 0.11)
    dry-types (1.5.1)
      concurrent-ruby (~> 1.0)
      dry-container (~> 0.3)
      dry-core (~> 0.5, >= 0.5)
      dry-inflector (~> 0.1, >= 0.1.2)
      dry-logic (~> 1.0, >= 1.0.2)
    i18n (1.12.0)
      concurrent-ruby (~> 1.0)
    ice_nine (0.11.2)
    minitest (5.15.0)
    mutant (0.10.34)
      diff-lcs (~> 1.3)
      parser (~> 3.0.0)
      regexp_parser (~> 2.0, >= 2.0.3)
      unparser (~> 0.6.0)
    mutant-minitest (0.10.34)
      minitest (~> 5.11)
      mutant (= 0.10.34)
    parser (3.0.2.0)
      ast (~> 2.4.1)
    rack (3.0.4.1)
    rake (13.0.6)
    redis-client (0.11.2)
      connection_pool
    regexp_parser (2.1.1)
    ruby_event_store (2.8.1)
      concurrent-ruby (~> 1.0, >= 1.1.6)
    ruby_event_store-transformations (0.1.0)
      activesupport (>= 5.0)
      ruby_event_store (>= 2.0.0, < 3.0.0)
    sidekiq (7.0.2)
      concurrent-ruby (< 2)
      connection_pool (>= 2.3.0)
      rack (>= 2.2.4)
      redis-client (>= 0.11.0)
    tzinfo (2.0.5)
      concurrent-ruby (~> 1.0)
    unparser (0.6.0)
      diff-lcs (~> 1.3)
      parser (>= 3.0.0)

PLATFORMS
  ruby

DEPENDENCIES
  infra!
  minitest (= 5.15.0)!
  mutant-license!
  mutant-minitest!

BUNDLED WITH
   2.3.14
