PATH
  remote: ../../infra
  specs:
    infra (1.0.0)
      aggregate_root (~> 2.15)
      arkency-command_bus
      dry-struct
      dry-types
      rake
      ruby_event_store (~> 2.15)
      ruby_event_store-transformations

GEM
  remote: https://rubygems.org/
  specs:
    activesupport (8.0.2)
      base64
      benchmark (>= 0.3)
      bigdecimal
      concurrent-ruby (~> 1.0, >= 1.3.1)
      connection_pool (>= 2.2.5)
      drb
      i18n (>= 1.6, < 2)
      logger (>= 1.4.2)
      minitest (>= 5.1)
      securerandom (>= 0.3)
      tzinfo (~> 2.0, >= 2.0.5)
      uri (>= 0.13.1)
    aggregate_root (2.16.0)
      ruby_event_store (= 2.16.0)
    arkency-command_bus (0.4.1)
      concurrent-ruby
    ast (2.4.2)
    base64 (0.2.0)
    benchmark (0.4.0)
    bigdecimal (3.1.9)
    concurrent-ruby (1.3.5)
    connection_pool (2.5.0)
    date (3.4.1)
    diff-lcs (1.6.2)
    drb (2.2.1)
    dry-core (1.0.1)
      concurrent-ruby (~> 1.0)
      zeitwerk (~> 2.6)
    dry-inflector (1.0.0)
    dry-logic (1.5.0)
      concurrent-ruby (~> 1.0)
      dry-core (~> 1.0, < 2)
      zeitwerk (~> 2.6)
    dry-struct (1.6.0)
      dry-core (~> 1.0, < 2)
      dry-types (>= 1.7, < 2)
      ice_nine (~> 0.11)
      zeitwerk (~> 2.6)
    dry-types (1.7.2)
      bigdecimal (~> 3.0)
      concurrent-ruby (~> 1.0)
      dry-core (~> 1.0)
      dry-inflector (~> 1.0)
      dry-logic (~> 1.4)
      zeitwerk (~> 2.6)
    erb (5.0.2)
    i18n (1.14.7)
      concurrent-ruby (~> 1.0)
    ice_nine (0.11.2)
    io-console (0.8.1)
    irb (1.15.2)
      pp (>= 0.6.0)
      rdoc (>= 4.0.0)
      reline (>= 0.4.2)
    logger (1.6.6)
    minitest (5.25.0)
    mutant (0.13.2)
      diff-lcs (~> 1.3)
      irb (~> 1.15.2)
      parser (~> 3.3.0)
      regexp_parser (~> 2.10)
      sorbet-runtime (~> 0.5.0)
      unparser (~> 0.8.0)
    mutant-minitest (0.13.2)
      minitest (~> 5.11)
      mutant (= 0.13.2)
      mutex_m (~> 0.2)
    mutex_m (0.3.0)
    parser (3.3.4.2)
      ast (~> 2.4.1)
      racc
    pp (0.6.2)
      prettyprint
    prettyprint (0.2.0)
    prism (1.4.0)
    psych (5.2.6)
      date
      stringio
    racc (1.8.1)
    rake (13.2.1)
    rdoc (6.14.2)
      erb
      psych (>= 4.0.0)
    regexp_parser (2.10.0)
    reline (0.6.1)
      io-console (~> 0.5)
    ruby_event_store (2.16.0)
      concurrent-ruby (~> 1.0, >= 1.1.6)
    ruby_event_store-transformations (0.1.0)
      activesupport (>= 5.0)
      ruby_event_store (>= 2.0.0, < 3.0.0)
    securerandom (0.4.1)
    sorbet-runtime (0.5.11525)
    stringio (3.1.7)
    tzinfo (2.0.6)
      concurrent-ruby (~> 1.0)
    unparser (0.8.0)
      diff-lcs (~> 1.6)
      parser (>= 3.3.0)
      prism (>= 1.4)
    uri (0.13.1)
    zeitwerk (2.7.2)

PLATFORMS
  arm64-darwin
  ruby

DEPENDENCIES
  infra!
  minitest (= 5.25.0)!
  mutant-minitest (= 0.13.2)!

BUNDLED WITH
   2.6.9
